PATH
  remote: .
  specs:
    blobject (0.3.3)

GEM
  remote: http://rubygems.org/
  specs:
    ansi (1.4.2)
    builder (3.0.0)
    coderay (1.0.6)
    columnize (0.3.6)
    debugger (1.1.3)
      columnize (>= 0.3.1)
      debugger-linecache (~> 1.1.1)
      debugger-ruby_core_source (~> 1.1.2)
    debugger-linecache (1.1.1)
      debugger-ruby_core_source (>= 1.1.1)
    debugger-ruby_core_source (1.1.3)
    method_source (0.7.1)
    minitest (3.0.1)
    minitest-reporters (0.7.1)
      ansi
      builder
      minitest (>= 2.0, < 4.0)
      ruby-progressbar
    pry (0.9.9.6)
      coderay (~> 1.0.5)
      method_source (~> 0.7.1)
      slop (>= 2.4.4, < 3)
    ruby-progressbar (0.0.10)
    slop (2.4.4)

PLATFORMS
  ruby

DEPENDENCIES
  blobject!
  debugger
  minitest
  minitest-reporters
  pry
